GIT
  remote: git://github.com/engageis/activerecord-postgres-hstore.git
  revision: 385085f3d661a19e4b38fa3a2630746390cfa131
  specs:
    activerecord-postgres-hstore (0.7.6)
      activerecord (>= 3.1)
      pg-hstore (>= 1.1.5)
      rake

GIT
  remote: git://github.com/plataformatec/mail_form.git
  revision: 9eb221a9c5e3f6dad631a547c7518fc0d1cde070
  ref: 9eb221a9c5e3f6dad6
  specs:
    mail_form (1.5.0.rc)
      actionmailer (>= 3.2, < 5)
      activemodel (>= 3.2, < 5)

GIT
  remote: git://github.com/plataformatec/simple_form.git
  revision: a2286a6d6d9aa9c251a272fbe9dbcf77669ce51f
  specs:
    simple_form (3.0.0.rc)
      actionpack (>= 4.0.0.rc1, < 4.1)
      activemodel (>= 4.0.0.rc1, < 4.1)

GEM
  remote: https://rubygems.org/
  specs:
    actionmailer (4.0.0)
      actionpack (= 4.0.0)
      mail (~> 2.5.3)
    actionpack (4.0.0)
      activesupport (= 4.0.0)
      builder (~> 3.1.0)
      erubis (~> 2.7.0)
      rack (~> 1.5.2)
      rack-test (~> 0.6.2)
    active_model_serializers (0.6.0)
      activemodel (>= 3.0)
    activemodel (4.0.0)
      activesupport (= 4.0.0)
      builder (~> 3.1.0)
    activerecord (4.0.0)
      activemodel (= 4.0.0)
      activerecord-deprecated_finders (~> 1.0.2)
      activesupport (= 4.0.0)
      arel (~> 4.0.0)
    activerecord-deprecated_finders (1.0.3)
    activesupport (4.0.0)
      i18n (~> 0.6, >= 0.6.4)
      minitest (~> 4.2)
      multi_json (~> 1.3)
      thread_safe (~> 0.1)
      tzinfo (~> 0.3.37)
    addressable (2.2.8)
    airbrake (3.1.12)
      activesupport
      builder
      json
    arel (4.0.0)
    atomic (1.1.9)
    barber (0.4.2)
      ember-source
      execjs
      handlebars-source
    bcrypt-ruby (3.1.2)
    better_errors (0.9.0)
      coderay (>= 1.0.0)
      erubis (>= 2.6.6)
    binding_of_caller (0.7.2)
      debug_inspector (>= 0.0.1)
    brI18n (3.3.0)
      actionpack (>= 3.0.0)
      activerecord (>= 3.0.0)
      activesupport (>= 3.0.0)
    brazilian-rails (3.3.0)
      brI18n (= 3.3.0)
      brcep (= 3.3.0)
      brcpfcnpj (= 3.3.0)
      brdata (= 3.3.0)
      brdinheiro (= 3.3.0)
      brhelper (= 3.3.0)
      brnumeros (= 3.3.0)
      brstring (= 3.3.0)
    brcep (3.3.0)
    brcpfcnpj (3.3.0)
      actionpack (>= 3.0.0)
      activesupport (>= 3.0.0)
    brdata (3.3.0)
      actionpack (>= 3.0.0)
      activesupport (>= 3.0.0)
    brdinheiro (3.3.0)
      actionpack (>= 3.0.0)
      activerecord (>= 3.0.0)
      brnumeros (= 3.3.0)
    brhelper (3.3.0)
      actionpack (>= 3.0.0)
      activesupport (>= 3.0.0)
    brnumeros (3.3.0)
    brstring (3.3.0)
      activesupport (>= 3.0.0)
    builder (3.1.4)
    cancan (1.6.10)
    capistrano (2.13.5)
      highline
      net-scp (>= 1.0.0)
      net-sftp (>= 2.0.0)
      net-ssh (>= 2.0.14)
      net-ssh-gateway (>= 1.1.0)
    capybara (2.1.0)
      mime-types (>= 1.16)
      nokogiri (>= 1.3.3)
      rack (>= 1.0.0)
      rack-test (>= 0.5.4)
      xpath (~> 2.0)
    capybara-email (2.1.3)
      capybara (~> 2.1.0)
      mail
    carrierwave (0.8.0)
      activemodel (>= 3.2.0)
      activesupport (>= 3.2.0)
    chronic (0.10.2)
    cliver (0.2.2)
    closure_tree (4.2.4)
      activerecord (>= 3.0.0)
      with_advisory_lock (>= 0.0.9)
    coderay (1.0.9)
    coffee-rails (4.0.0)
      coffee-script (>= 2.2.0)
      railties (>= 4.0.0.beta, < 5.0)
    coffee-script (2.2.0)
      coffee-script-source
      execjs
    coffee-script-source (1.6.2)
    colorize (0.5.8)
    correios-frete (1.8.0)
      log-me (~> 0.0.4)
      nokogiri (~> 1.5)
      sax-machine (~> 0.1)
    daemons (1.1.9)
    database_cleaner (1.0.1)
    debug_inspector (0.0.2)
    devise (3.2.2)
      bcrypt-ruby (~> 3.0)
      orm_adapter (~> 0.1)
      railties (>= 3.2.6, < 5)
      thread_safe (~> 0.1)
      warden (~> 1.2.3)
    diff-lcs (1.2.4)
    draper (1.2.1)
      actionpack (>= 3.0)
      activesupport (>= 3.0)
      request_store (~> 1.0.3)
    ejs (1.1.1)
    ember-data-source (0.13)
      ember-source
    ember-rails (0.12.0)
      active_model_serializers
      barber (>= 0.4.1)
      ember-data-source
      ember-source (>= 1.0.0.rc2.2)
      execjs (>= 1.2)
      railties (>= 3.1)
    ember-source (1.0.0.rc6)
      handlebars-source (= 1.0.0.rc4)
    erubis (2.7.0)
    eventmachine (1.0.3)
    execjs (1.4.0)
      multi_json (~> 1.0)
    factory_girl (4.2.0)
      activesupport (>= 3.0.0)
    fancybox2-rails (0.2.4)
      railties (>= 3.1.0)
    friendly_id (5.0.1)
      activerecord (~> 4.0.0)
    haml (4.0.3)
      tilt
    handlebars-source (1.0.0.rc4)
    has_scope (0.5.1)
    highline (1.6.19)
    hike (1.2.3)
    i18n (0.6.4)
    inherited_resources (1.3.1)
      has_scope (~> 0.5.0)
      responders (~> 0.6)
    jquery-rails (3.0.1)
      railties (>= 3.0, < 5.0)
      thor (>= 0.14, < 2.0)
    json (1.8.1)
    kaminari (0.14.1)
      actionpack (>= 3.0.0)
      activesupport (>= 3.0.0)
    konacha (3.0.0)
      actionpack (>= 3.1, < 5)
      capybara
      colorize
      railties (>= 3.1, < 5)
      sprockets
    launchy (2.0.5)
      addressable (~> 2.2.6)
    libv8 (3.11.8.17)
    log-me (0.0.4)
    mail (2.5.4)
      mime-types (~> 1.16)
      treetop (~> 1.4.8)
    method_source (0.8.1)
    mime-types (1.25.1)
    mini_magick (3.6.0)
      subexec (~> 0.2.1)
    mini_portile (0.5.2)
    minitest (4.7.5)
    multi_json (1.7.7)
    mustache (0.99.5)
    net-scp (1.1.1)
      net-ssh (>= 2.6.5)
    net-sftp (2.1.2)
      net-ssh (>= 2.6.5)
    net-ssh (2.6.7)
    net-ssh-gateway (1.2.0)
      net-ssh (>= 2.6.5)
    nokogiri (1.6.0)
      mini_portile (~> 0.5.0)
    orm_adapter (0.5.0)
    pag_seguro (0.5.5)
      activemodel
      activesupport
      haml (!= 3.1.5)
      nokogiri
      rest-client (~> 1.6.7)
    pg (0.17.0)
    pg-hstore (1.1.7)
    pg_search (0.6.4)
      activerecord (>= 3.1)
      activesupport (>= 3.1)
      arel
    poltergeist (1.4.1)
      capybara (~> 2.1.0)
      cliver (~> 0.2.1)
      multi_json (~> 1.0)
      websocket-driver (>= 0.2.0)
    polyglot (0.3.3)
    postmark (1.0.0)
      json
      rake
    postmark-rails (0.5.1)
      actionmailer (>= 3.0.0)
      postmark (~> 1.0)
    protected_attributes (1.0.1)
      activemodel (>= 4.0.0.beta, < 5.0)
    pry (0.9.12.2)
      coderay (~> 1.0.5)
      method_source (~> 0.8)
      slop (~> 3.4)
    pry-nav (0.2.3)
      pry (~> 0.9.10)
    quiet_assets (1.0.2)
      railties (>= 3.1, < 5.0)
    rack (1.5.2)
    rack-test (0.6.2)
      rack (>= 1.0)
    rails (4.0.0)
      actionmailer (= 4.0.0)
      actionpack (= 4.0.0)
      activerecord (= 4.0.0)
      activesupport (= 4.0.0)
      bundler (>= 1.3.0, < 2.0)
      railties (= 4.0.0)
      sprockets-rails (~> 2.0.0)
    railties (4.0.0)
      actionpack (= 4.0.0)
      activesupport (= 4.0.0)
      rake (>= 0.8.7)
      thor (>= 0.18.1, < 2.0)
    rake (10.1.0)
    ref (1.0.5)
    remotipart (1.0.5)
    request_store (1.0.5)
    responders (0.6.5)
    rest-client (1.6.7)
      mime-types (>= 1.16)
    rspec-core (2.13.1)
    rspec-expectations (2.13.0)
      diff-lcs (>= 1.1.3, < 2.0)
    rspec-mocks (2.13.1)
    rspec-rails (2.13.2)
      actionpack (>= 3.0)
      activesupport (>= 3.0)
      railties (>= 3.0)
      rspec-core (~> 2.13.0)
      rspec-expectations (~> 2.13.0)
      rspec-mocks (~> 2.13.0)
    rvm-capistrano (1.3.4)
      capistrano (>= 2.0.0)
    sass (3.2.9)
    sass-rails (4.0.0)
      railties (>= 4.0.0.beta, < 5.0)
      sass (>= 3.1.10)
      sprockets-rails (~> 2.0.0)
    sax-machine (0.1.0)
      nokogiri (> 0.0.0)
    shoulda (3.5.0)
      shoulda-context (~> 1.0, >= 1.0.1)
      shoulda-matchers (>= 1.4.1, < 3.0)
    shoulda-context (1.1.3)
    shoulda-matchers (2.1.0)
      activesupport (>= 3.0.0)
    slop (3.4.5)
    sprockets (2.10.0)
      hike (~> 1.2)
      multi_json (~> 1.0)
      rack (~> 1.0)
      tilt (~> 1.1, != 1.3.0)
    sprockets-rails (2.0.0)
      actionpack (>= 3.0)
      activesupport (>= 3.0)
      sprockets (~> 2.8)
    subexec (0.2.3)
    therubyracer (0.11.4)
      libv8 (~> 3.11.8.12)
      ref
    thin (1.5.1)
      daemons (>= 1.0.9)
      eventmachine (>= 0.12.6)
      rack (>= 1.0.0)
    thor (0.18.1)
    thread_safe (0.1.0)
      atomic
    tilt (1.4.1)
    timecop (0.6.1)
    treetop (1.4.14)
      polyglot
      polyglot (>= 0.3.1)
    tzinfo (0.3.37)
    uglifier (1.3.0)
      execjs (>= 0.3.0)
      multi_json (~> 1.0, >= 1.0.2)
    warden (1.2.3)
      rack (>= 1.0)
    websocket-driver (0.3.0)
    whenever (0.8.4)
      activesupport (>= 2.3.4)
      chronic (>= 0.6.3)
    wicked (0.6.1)
      activesupport (>= 3.0.7)
      rails (>= 3.0.7)
    with_advisory_lock (0.0.9)
      activerecord (>= 3.0.0)
    xpath (2.0.0)
      nokogiri (~> 1.3)

PLATFORMS
  ruby

DEPENDENCIES
  active_model_serializers (= 0.6.0)
  activerecord-deprecated_finders
  activerecord-postgres-hstore!
  airbrake
  better_errors
  binding_of_caller (= 0.7.2)
  brazilian-rails
  cancan
  capistrano (= 2.13.5)
  capybara
  capybara-email
  carrierwave
  closure_tree (= 4.2.4)
  coffee-rails
  correios-frete (~> 1.8.0)
  database_cleaner
  devise (~> 3.2.2)
  draper (~> 1.2.1)
  ejs
  ember-rails
  factory_girl (~> 4)
  fancybox2-rails (~> 0.2.4)
  friendly_id (~> 5.0.1)
  inherited_resources
  jquery-rails
  kaminari
  konacha
  launchy (= 2.0.5)
  mail_form!
  mini_magick
  mustache
  pag_seguro
  pg (= 0.17.0)
  pg_search
  poltergeist (= 1.4.1)
  postmark-rails
  protected_attributes
  pry
  pry-nav
  quiet_assets
  rails (~> 4)
  remotipart (~> 1.0)
  rspec-rails (~> 2.13)
  rvm-capistrano
  sass-rails
  shoulda (= 3.5.0)
  shoulda-matchers (~> 2.1.0)
  simple_form!
  therubyracer (= 0.11.4)
  thin
  timecop
  uglifier (~> 1.3.0)
  whenever
  wicked (~> 0.3)
